GEM
  remote: http://rubygems.org/
  specs:
    bluecloth (2.1.0)
    gli (1.3.2)
    json (1.5.3)
    nokogiri (1.5.0)
    pdfkit (0.5.4)
    rack (1.3.2)
    showoff (0.4.2)
      bluecloth
      gli (>= 1.2.5)
      json
      nokogiri
      sinatra
    sinatra (1.2.6)
      rack (~> 1.1)
      tilt (>= 1.2.2, < 2.0)
    tilt (1.3.2)
    wkhtmltopdf-binary (0.9.9.1)

PLATFORMS
  ruby

DEPENDENCIES
  pdfkit
  showoff
  wkhtmltopdf-binary
